PATH
  remote: .
  specs:
    common_utils (0.1.1)
      nokogiri (~> 1.16)

GEM
  remote: https://rubygems.org/
  specs:
    nokogiri (1.16.7-arm64-darwin)
      racc (~> 1.4)
    racc (1.8.1)

PLATFORMS
  arm64-darwin-22

DEPENDENCIES
  common_utils!

BUNDLED WITH
   2.3.6
